GEM
  remote: http://rubygems.org/
  specs:
    coffee-script (2.2.0)
      coffee-script-source
      execjs
    coffee-script-source (1.1.1)
    execjs (1.2.0)
      multi_json (~> 1.0)
    growl (1.0.3)
    guard (0.6.3)
      thor (~> 0.14.6)
    guard-pow (0.2.1)
      guard (>= 0.3.0)
    haml (3.1.2)
    multi_json (1.0.3)
    rack (1.3.1)
    rb-fsevent (0.4.3.1)
    sass (3.1.4)
    sinatra (1.2.6)
      rack (~> 1.1)
      tilt (< 2.0, >= 1.2.2)
    thor (0.14.6)
    tilt (1.3.2)

PLATFORMS
  ruby

DEPENDENCIES
  coffee-script
  growl
  guard-pow
  haml
  rb-fsevent
  sass
  sinatra
